PATH
  remote: .
  specs:
    delegate_tracker (0.1.4)
      nokogiri

GEM
  remote: https://rubygems.org/
  specs:
    mini_portile2 (2.0.0)
    nokogiri (1.6.7.2)
      mini_portile2 (~> 2.0.0.rc2)
    rake (10.5.0)

PLATFORMS
  ruby

DEPENDENCIES
  bundler (~> 1.11)
  delegate_tracker!
  rake (~> 10.0)

BUNDLED WITH
   1.11.2
